GEM
  remote: https://rubygems.org/
  specs:
    diff-lcs (1.3)
    narray (0.6.1.2)
    rake (12.3.2)
    rake-compiler (1.0.7)
      rake
    rspec (3.8.0)
      rspec-core (~> 3.8.0)
      rspec-expectations (~> 3.8.0)
      rspec-mocks (~> 3.8.0)
    rspec-core (3.8.0)
      rspec-support (~> 3.8.0)
    rspec-expectations (3.8.2)
      diff-lcs (>= 1.2.0, < 2.0)
      rspec-support (~> 3.8.0)
    rspec-mocks (3.8.0)
      diff-lcs (>= 1.2.0, < 2.0)
      rspec-support (~> 3.8.0)
    rspec-support (3.8.0)
    yard (0.9.16)

PLATFORMS
  ruby

DEPENDENCIES
  bundler (>= 1.3)
  narray (>= 0.6.0.8)
  rake (>= 1.9.1)
  rake-compiler (>= 0.8.3)
  rspec (>= 2.13.0)
  yard (>= 0.8.7.2)

BUNDLED WITH
   1.16.1
