GEM
  remote: https://rubygems.org/
  specs:
    diff-lcs (1.4.4)
    narray (0.6.1.2)
    rake (13.0.6)
    rake-compiler (1.1.1)
      rake
    rspec (3.10.0)
      rspec-core (~> 3.10.0)
      rspec-expectations (~> 3.10.0)
      rspec-mocks (~> 3.10.0)
    rspec-core (3.10.1)
      rspec-support (~> 3.10.0)
    rspec-expectations (3.10.1)
      diff-lcs (>= 1.2.0, < 2.0)
      rspec-support (~> 3.10.0)
    rspec-mocks (3.10.2)
      diff-lcs (>= 1.2.0, < 2.0)
      rspec-support (~> 3.10.0)
    rspec-support (3.10.2)
    yard (0.9.26)

PLATFORMS
  ruby

DEPENDENCIES
  narray (>= 0.6.0.8)
  rake (>= 1.9.1)
  rake-compiler (>= 0.8.3)
  rspec (>= 2.13.0)
  yard (>= 0.8.7.2)

BUNDLED WITH
   2.2.14
